GEM
  remote: https://rubygems.org/
  specs:
    rake (13.0.1)
    redis (4.2.2)
    tomlrb (1.3.0)

PLATFORMS
  ruby

DEPENDENCIES
  rake
  redis
  tomlrb

BUNDLED WITH
   1.17.2
